GEM
  remote: http://rubygems.org/
  specs:
    actionmailer (2.3.8)
      actionpack (= 2.3.8)
    actionpack (2.3.8)
      activesupport (= 2.3.8)
      rack (~> 1.1.0)
    activerecord (2.3.8)
      activesupport (= 2.3.8)
    activeresource (2.3.8)
      activesupport (= 2.3.8)
    activesupport (2.3.8)
    capistrano (2.5.19)
      highline
      net-scp (>= 1.0.0)
      net-sftp (>= 2.0.0)
      net-ssh (>= 2.0.14)
      net-ssh-gateway (>= 1.0.0)
    capistrano-ext (1.2.1)
      capistrano (>= 1.0.0)
    cgi_multipart_eof_fix (2.5.0)
    crypt (1.1.4)
    daemons (1.1.0)
    fastthread (1.0.7)
    gem_plugin (0.2.3)
    highline (1.6.1)
    hpricot (0.8.4)
    libxml-ruby (1.1.4)
    mongrel (1.1.5)
      cgi_multipart_eof_fix (>= 2.4)
      daemons (>= 1.0.3)
      fastthread (>= 1.0.1)
      gem_plugin (>= 0.2.3)
    mysql (2.8.1)
    net-scp (1.0.2)
      net-ssh (>= 1.99.1)
    net-sftp (2.0.4)
      net-ssh (>= 2.0.9)
    net-ssh (2.0.23)
    net-ssh-gateway (1.0.1)
      net-ssh (>= 1.99.1)
    palmtree (0.0.6)
      capistrano (>= 1.99.1)
    passenger (2.2.15)
      fastthread (>= 1.0.1)
      rack
      rake (>= 0.8.1)
    rack (1.1.0)
    rails (2.3.8)
      actionmailer (= 2.3.8)
      actionpack (= 2.3.8)
      activerecord (= 2.3.8)
      activeresource (= 2.3.8)
      activesupport (= 2.3.8)
      rake (>= 0.8.3)
    rake (0.8.7)
    rmagick (2.13.2)
    rspec (1.3.0)
    ruby-net-ldap (0.0.4)
    rubygems-update (1.3.7)
    rubyzip (0.9.4)
    sqlite3-ruby (1.3.1)

PLATFORMS
  ruby

DEPENDENCIES
  capistrano (= 2.5.19)
  capistrano-ext (= 1.2.1)
  cgi_multipart_eof_fix (= 2.5.0)
  crypt (= 1.1.4)
  daemons (= 1.1.0)
  fastthread (= 1.0.7)
  gem_plugin (= 0.2.3)
  highline (= 1.6.1)
  hpricot (= 0.8.4)
  libxml-ruby (= 1.1.4)
  mongrel (= 1.1.5)
  mysql (= 2.8.1)
  net-scp (= 1.0.2)
  net-sftp (= 2.0.4)
  net-ssh (= 2.0.23)
  net-ssh-gateway (= 1.0.1)
  palmtree (= 0.0.6)
  passenger (= 2.2.15)
  rack (= 1.1.0)
  rails (= 2.3.8)
  rake (= 0.8.7)
  rmagick (= 2.13.2)
  rspec (= 1.3.0)
  ruby-net-ldap (= 0.0.4)
  rubygems-update (= 1.3.7)
  rubyzip (= 0.9.4)
  sqlite3-ruby (= 1.3.1)
